GEM
  remote: http://rubygems.org/
  specs:
    addressable (2.2.8)
    childprocess (0.3.2)
      ffi (~> 1.0.6)
    ffi (1.0.11)
    libwebsocket (0.1.3)
      addressable
    multi_json (1.3.4)
    nokogiri (1.5.2)
    rubyzip (0.9.8)
    selenium-webdriver (2.21.2)
      childprocess (>= 0.2.5)
      ffi (~> 1.0)
      libwebsocket (~> 0.1.3)
      multi_json (~> 1.0)
      rubyzip

PLATFORMS
  ruby

DEPENDENCIES
  nokogiri (= 1.5.2)
  selenium-webdriver (= 2.21.2)
